GEM
  remote: https://rubygems.org/
  specs:
    activesupport (7.0.0)
      concurrent-ruby (~> 1.0, >= 1.0.2)
      i18n (>= 1.6, < 2)
      minitest (>= 5.1)
      tzinfo (~> 2.0)
    code_analyzer (0.5.2)
      sexp_processor
    colorize (0.8.1)
    concurrent-ruby (1.1.9)
    diff-lcs (1.4.4)
    ephemeris (0.1.1)
      swe4r (~> 0.0.2)
    erubis (2.7.0)
    funtimes (0.4.0)
    gem (0.0.1.alpha)
    i18n (1.8.11)
      concurrent-ruby (~> 1.0)
    json (2.6.1)
    log (1.1.0)
      log4r
      params
    log4r (1.1.10)
    minitest (5.15.0)
    params (1.1.0)
    rails_best_practices (1.22.1)
      activesupport
      code_analyzer (>= 0.5.2)
      erubis
      i18n
      json
      require_all (~> 3.0)
      ruby-progressbar
    require_all (3.0.0)
    rspec (3.10.0)
      rspec-core (~> 3.10.0)
      rspec-expectations (~> 3.10.0)
      rspec-mocks (~> 3.10.0)
    rspec-core (3.10.1)
      rspec-support (~> 3.10.0)
    rspec-expectations (3.10.1)
      diff-lcs (>= 1.2.0, < 2.0)
      rspec-support (~> 3.10.0)
    rspec-mocks (3.10.2)
      diff-lcs (>= 1.2.0, < 2.0)
      rspec-support (~> 3.10.0)
    rspec-support (3.10.3)
    ruby-progressbar (1.11.0)
    sexp_processor (4.16.0)
    swe4r (0.0.2)
    tzinfo (2.0.4)
      concurrent-ruby (~> 1.0)
    zodiac (0.2.10)
      funtimes
      i18n

PLATFORMS
  arm64-darwin-21

DEPENDENCIES
  colorize (~> 0.8.1)
  ephemeris (~> 0.1.1)
  gem (~> 0.0.1.alpha)
  log (~> 1.1)
  rails_best_practices (~> 1.22)
  rspec (~> 3.10)
  zodiac (~> 0.2.10)

BUNDLED WITH
   2.2.33
